GEM
  remote: https://ruby.taobao.org/
  specs:
    builder (3.2.2)
    chronic (0.10.2)
    jwt (1.5.4)
    mini_portile2 (2.1.0)
    multi_json (1.12.1)
    nokogiri (1.6.8)
      mini_portile2 (~> 2.1.0)
      pkg-config (~> 1.1.7)
    pkg-config (1.1.7)
    rake (11.3.0)
    twilio-ruby (4.11.1)
      builder (>= 2.1.2)
      jwt (~> 1.0)
      multi_json (>= 1.3.0)
    whenever (0.9.7)
      chronic (>= 0.6.3)

PLATFORMS
  ruby

DEPENDENCIES
  nokogiri
  rake
  twilio-ruby (~> 4.11.1)
  whenever

BUNDLED WITH
   1.12.5
